GEM
  remote: https://rubygems.org/
  specs:
    Platform (0.4.0)
    mysql2 (0.5.2)
    mysql2 (0.5.2-x64-mingw32)
    mysql2 (0.5.2-x86-mingw32)

PLATFORMS
  ruby
  x64-mingw32
  x86-mingw32

DEPENDENCIES
  Platform (~> 0.4.0)
  mysql2 (~> 0.5.2)

BUNDLED WITH
   1.17.1
